GEM
  remote: https://rubygems.org/
  specs:
    minitest (4.7.5)
    sqlite3 (1.3.9)

PLATFORMS
  ruby

DEPENDENCIES
  minitest (= 4.7.5)
  sqlite3
